GEM
  remote: https://rubygems.org/
  specs:
    async (2.6.4)
      console (~> 1.10)
      fiber-annotation
      io-event (~> 1.1)
      timers (~> 4.1)
    colorize (1.1.0)
    console (1.23.2)
      fiber-annotation
      fiber-local
    fiber-annotation (0.2.0)
    fiber-local (1.0.0)
    io-event (1.3.2)
    nokogiri (1.15.4-arm64-darwin)
      racc (~> 1.4)
    nokogiri (1.15.4-x86_64-darwin)
      racc (~> 1.4)
    racc (1.7.1)
    rexml (3.2.6)
    rss (0.3.0)
      rexml
    timers (4.3.5)
    tty-link (0.1.1)

PLATFORMS
  arm64-darwin-22
  x86_64-darwin-22

DEPENDENCIES
  async (~> 2.6)
  colorize
  nokogiri
  rss
  tty-link

BUNDLED WITH
   2.4.20
